GEM
  remote: https://rubygems.org/
  specs:
    bcp47 (0.3.3)
      i18n
    coderay (1.1.2)
    concurrent-ruby (1.1.5)
    date_time_precision (0.8.1)
    fhir_models (4.0.2)
      bcp47 (>= 0.3)
      date_time_precision (>= 0.8)
      mime-types (>= 3.0)
      nokogiri (>= 1.10.4)
    i18n (1.7.0)
      concurrent-ruby (~> 1.0)
    method_source (0.9.2)
    mime-types (3.3)
      mime-types-data (~> 3.2015)
    mime-types-data (3.2019.1009)
    mini_portile2 (2.4.0)
    nokogiri (1.10.8)
      mini_portile2 (~> 2.4.0)
    pry (0.12.2)
      coderay (~> 1.1.0)
      method_source (~> 0.9.0)
    rb-readline (0.5.5)

PLATFORMS
  ruby

DEPENDENCIES
  fhir_models
  pry
  rb-readline

BUNDLED WITH
   2.0.1
